GEM
  remote: http://rubygems.org/
  specs:
    rake (0.9.2.2)
    shoulda (2.11.3)

PLATFORMS
  ruby

DEPENDENCIES
  rake
  shoulda
